PATH
  remote: .
  specs:
    missing_persons (0.1.0)

GEM
  remote: https://rubygems.org/
  specs:
    coderay (1.1.2)
    gem (0.0.1.alpha)
    httparty (0.21.0)
      mini_mime (>= 1.0.0)
      multi_xml (>= 0.5.2)
    method_source (1.0.0)
    mini_mime (1.1.2)
    mini_portile2 (2.4.0)
    multi_xml (0.6.0)
    nokogiri (1.10.9)
      mini_portile2 (~> 2.4.0)
    pry (0.13.1)
      coderay (~> 1.1)
      method_source (~> 1.0)
    rake (12.3.3)

PLATFORMS
  ruby

DEPENDENCIES
  gem (~> 0.0.1.alpha)
  httparty
  missing_persons!
  nokogiri (~> 1.10)
  pry (~> 0.13.1)
  rake (~> 12.0)

BUNDLED WITH
   2.1.4
